GIT
  remote: git://github.com/sinatra/sinatra.git
  revision: ba935c9d885ee811f5e8d12356fce4ad91545cbe
  specs:
    rack-protection (2.0.0)
      rack
    sinatra (2.0.0)
      mustermann (~> 1.0)
      rack (~> 2.0)
      rack-protection (= 2.0.0)
      tilt (~> 2.0)

GEM
  remote: https://rubygems.org/
  specs:
    daemons (1.2.5)
    eventmachine (1.2.5)
    mustermann (1.0.1)
    rack (2.0.3)
    thin (1.7.2)
      daemons (~> 1.0, >= 1.0.9)
      eventmachine (~> 1.0, >= 1.0.4)
      rack (>= 1, < 3)
    tilt (2.0.8)

PLATFORMS
  ruby

DEPENDENCIES
  sinatra!
  thin

BUNDLED WITH
   1.11.2
